GEM
  remote: https://rubygems.org/
  specs:

PLATFORMS
  x86_64-darwin-21
  x86_64-linux

DEPENDENCIES

RUBY VERSION
   ruby 3.1.0p0

BUNDLED WITH
   2.3.3
