GEM
  remote: https://rubygems.org/
  specs:

PLATFORMS
  x86_64-darwin-21

DEPENDENCIES

RUBY VERSION
   ruby 2.7.6p219

BUNDLED WITH
   2.3.20
